GEM
  remote: https://rubygems.org/
  specs:
    actioncable (5.2.6)
      actionpack (= 5.2.6)
      nio4r (~> 2.0)
      websocket-driver (>= 0.6.1)
    actionmailer (5.2.6)
      actionpack (= 5.2.6)
      actionview (= 5.2.6)
      activejob (= 5.2.6)
      mail (~> 2.5, >= 2.5.4)
      rails-dom-testing (~> 2.0)
    actionpack (5.2.6)
      actionview (= 5.2.6)
      activesupport (= 5.2.6)
      rack (~> 2.0, >= 2.0.8)
      rack-test (>= 0.6.3)
      rails-dom-testing (~> 2.0)
      rails-html-sanitizer (~> 1.0, >= 1.0.2)
    actionview (5.2.6)
      activesupport (= 5.2.6)
      builder (~> 3.1)
      erubi (~> 1.4)
      rails-dom-testing (~> 2.0)
      rails-html-sanitizer (~> 1.0, >= 1.0.3)
    activeadmin (2.9.0)
      arbre (~> 1.2, >= 1.2.1)
      formtastic (>= 3.1, < 5.0)
      formtastic_i18n (~> 0.4)
      inherited_resources (~> 1.7)
      jquery-rails (~> 4.2)
      kaminari (~> 1.0, >= 1.2.1)
      railties (>= 5.2, < 6.2)
      ransack (~> 2.1, >= 2.1.1)
    activejob (5.2.6)
      activesupport (= 5.2.6)
      globalid (>= 0.3.6)
    activemodel (5.2.6)
      activesupport (= 5.2.6)
    activerecord (5.2.6)
      activemodel (= 5.2.6)
      activesupport (= 5.2.6)
      arel (>= 9.0)
    activestorage (5.2.6)
      actionpack (= 5.2.6)
      activerecord (= 5.2.6)
      marcel (~> 1.0.0)
    activesupport (5.2.6)
      concurrent-ruby (~> 1.0, >= 1.0.2)
      i18n (>= 0.7, < 2)
      minitest (~> 5.1)
      tzinfo (~> 1.1)
    acts_as_votable (0.13.1)
    addressable (2.8.0)
      public_suffix (>= 2.0.2, < 5.0)
    arbre (1.4.0)
      activesupport (>= 3.0.0, < 6.2)
      ruby2_keywords (>= 0.0.2, < 1.0)
    archive-zip (0.12.0)
      io-like (~> 0.3.0)
    arel (9.0.0)
    autoprefixer-rails (10.3.1.0)
      execjs (~> 2)
    bcrypt (3.1.16)
    bcrypt (3.1.16-java)
    bindex (0.8.1)
    bootsnap (1.7.7)
      msgpack (~> 1.0)
    bootstrap (4.3.1)
      autoprefixer-rails (>= 9.1.0)
      popper_js (>= 1.14.3, < 2)
      sassc-rails (>= 2.0.0)
    builder (3.2.4)
    byebug (11.1.3)
    cancancan (1.17.0)
    capybara (3.35.3)
      addressable
      mini_mime (>= 0.1.3)
      nokogiri (~> 1.8)
      rack (>= 1.6.0)
      rack-test (>= 0.6.3)
      regexp_parser (>= 1.5, < 3.0)
      xpath (~> 3.2)
    chartkick (1.5.2)
    childprocess (3.0.0)
    choice (0.2.0)
    chromedriver-helper (2.1.1)
      archive-zip (~> 0.10)
      nokogiri (~> 1.8)
    coffee-rails (4.2.2)
      coffee-script (>= 2.2.0)
      railties (>= 4.0.0)
    coffee-script (2.4.1)
      coffee-script-source
      execjs
    coffee-script-source (1.12.2)
    concurrent-ruby (1.1.9)
    crass (1.0.6)
    devise (4.8.0)
      bcrypt (~> 3.0)
      orm_adapter (~> 0.1)
      railties (>= 4.1.0)
      responders
      warden (~> 1.2.3)
    domain_name (0.5.20190701)
      unf (>= 0.0.5, < 1.0.0)
    erubi (1.10.0)
    execjs (2.8.1)
    faker (2.19.0)
      i18n (>= 1.6, < 2)
    faraday (1.7.0)
      faraday-em_http (~> 1.0)
      faraday-em_synchrony (~> 1.0)
      faraday-excon (~> 1.1)
      faraday-httpclient (~> 1.0.1)
      faraday-net_http (~> 1.0)
      faraday-net_http_persistent (~> 1.1)
      faraday-patron (~> 1.0)
      faraday-rack (~> 1.0)
      multipart-post (>= 1.2, < 3)
      ruby2_keywords (>= 0.0.4)
    faraday-em_http (1.0.0)
    faraday-em_synchrony (1.0.0)
    faraday-excon (1.1.0)
    faraday-httpclient (1.0.1)
    faraday-net_http (1.0.1)
    faraday-net_http_persistent (1.2.0)
    faraday-patron (1.0.0)
    faraday-rack (1.0.0)
    ffi (1.15.3)
    ffi (1.15.3-java)
    ffi (1.15.3-x64-mingw32)
    ffi (1.15.3-x86-mingw32)
    formtastic (4.0.0)
      actionpack (>= 5.2.0)
    formtastic_i18n (0.7.0)
    globalid (0.5.2)
      activesupport (>= 5.0)
    groupdate (5.2.2)
      activesupport (>= 5)
    has_scope (0.8.0)
      actionpack (>= 5.2)
      activesupport (>= 5.2)
    hashie (4.1.0)
    http-accept (1.7.0)
    http-cookie (1.0.4)
      domain_name (~> 0.5)
    i18n (1.8.10)
      concurrent-ruby (~> 1.0)
    image_processing (1.12.1)
      mini_magick (>= 4.9.5, < 5)
      ruby-vips (>= 2.0.17, < 3)
    inherited_resources (1.13.0)
      actionpack (>= 5.2, < 6.2)
      has_scope (~> 0.6)
      railties (>= 5.2, < 6.2)
      responders (>= 2, < 4)
    io-like (0.3.1)
    jbuilder (2.11.2)
      activesupport (>= 5.0.0)
    jquery-rails (4.4.0)
      rails-dom-testing (>= 1, < 3)
      railties (>= 4.2.0)
      thor (>= 0.14, < 2.0)
    json (2.5.1)
    json (2.5.1-java)
    jwt (2.2.3)
    kaminari (1.2.1)
      activesupport (>= 4.1.0)
      kaminari-actionview (= 1.2.1)
      kaminari-activerecord (= 1.2.1)
      kaminari-core (= 1.2.1)
    kaminari-actionview (1.2.1)
      actionview
      kaminari-core (= 1.2.1)
    kaminari-activerecord (1.2.1)
      activerecord
      kaminari-core (= 1.2.1)
    kaminari-core (1.2.1)
    listen (3.1.5)
      rb-fsevent (~> 0.9, >= 0.9.4)
      rb-inotify (~> 0.9, >= 0.9.7)
      ruby_dep (~> 1.2)
    loofah (2.12.0)
      crass (~> 1.0.2)
      nokogiri (>= 1.5.9)
    mail (2.7.1)
      mini_mime (>= 0.1.1)
    marcel (1.0.1)
    mercadopago-sdk (2.0.2)
      json (~> 2.5)
      rest-client (~> 2.1)
    method_source (1.0.0)
    mime-types (3.3.1)
      mime-types-data (~> 3.2015)
    mime-types-data (3.2021.0704)
    mini_magick (4.11.0)
    mini_mime (1.1.0)
    mini_portile2 (2.6.1)
    minitest (5.14.4)
    msgpack (1.4.2)
    msgpack (1.4.2-java)
    multi_json (1.15.0)
    multi_xml (0.6.0)
    multipart-post (2.1.1)
    netrc (0.11.0)
    nio4r (2.5.8)
    nio4r (2.5.8-java)
    nokogiri (1.12.3)
      mini_portile2 (~> 2.6.1)
      racc (~> 1.4)
    nokogiri (1.12.3-java)
      racc (~> 1.4)
    nokogiri (1.12.3-x64-mingw32)
      racc (~> 1.4)
    nokogiri (1.12.3-x86-mingw32)
      racc (~> 1.4)
    oauth2 (1.4.7)
      faraday (>= 0.8, < 2.0)
      jwt (>= 1.0, < 3.0)
      multi_json (~> 1.3)
      multi_xml (~> 0.5)
      rack (>= 1.2, < 3)
    omniauth (2.0.4)
      hashie (>= 3.4.6)
      rack (>= 1.6.2, < 3)
      rack-protection
    omniauth-facebook (8.0.0)
      omniauth-oauth2 (~> 1.2)
    omniauth-oauth2 (1.7.1)
      oauth2 (~> 1.4)
      omniauth (>= 1.9, < 3)
    omniauth-rails_csrf_protection (1.0.0)
      actionpack (>= 4.2)
      omniauth (~> 2.0)
    orm_adapter (0.5.0)
    pg (1.2.3)
    pg (1.2.3-x64-mingw32)
    pg (1.2.3-x86-mingw32)
    popper_js (1.16.0)
    public_suffix (4.0.6)
    puma (3.12.6)
    puma (3.12.6-java)
    racc (1.5.2)
    racc (1.5.2-java)
    rack (2.2.3)
    rack-protection (2.1.0)
      rack
    rack-test (1.1.0)
      rack (>= 1.0, < 3)
    rails (5.2.6)
      actioncable (= 5.2.6)
      actionmailer (= 5.2.6)
      actionpack (= 5.2.6)
      actionview (= 5.2.6)
      activejob (= 5.2.6)
      activemodel (= 5.2.6)
      activerecord (= 5.2.6)
      activestorage (= 5.2.6)
      activesupport (= 5.2.6)
      bundler (>= 1.3.0)
      railties (= 5.2.6)
      sprockets-rails (>= 2.0.0)
    rails-dom-testing (2.0.3)
      activesupport (>= 4.2.0)
      nokogiri (>= 1.6)
    rails-erd (1.6.1)
      activerecord (>= 4.2)
      activesupport (>= 4.2)
      choice (~> 0.2.0)
      ruby-graphviz (~> 1.2)
    rails-html-sanitizer (1.3.0)
      loofah (~> 2.3)
    rails-i18n (5.1.3)
      i18n (>= 0.7, < 2)
      railties (>= 5.0, < 6)
    railties (5.2.6)
      actionpack (= 5.2.6)
      activesupport (= 5.2.6)
      method_source
      rake (>= 0.8.7)
      thor (>= 0.19.0, < 2.0)
    rake (13.0.6)
    ransack (2.4.2)
      activerecord (>= 5.2.4)
      activesupport (>= 5.2.4)
      i18n
    rb-fsevent (0.11.0)
    rb-inotify (0.10.1)
      ffi (~> 1.0)
    regexp_parser (2.1.1)
    responders (3.0.1)
      actionpack (>= 5.0)
      railties (>= 5.0)
    rest-client (2.1.0)
      http-accept (>= 1.7.0, < 2.0)
      http-cookie (>= 1.0.2, < 2.0)
      mime-types (>= 1.16, < 4.0)
      netrc (~> 0.8)
    rest-client (2.1.0-x64-mingw32)
      ffi (~> 1.9)
      http-accept (>= 1.7.0, < 2.0)
      http-cookie (>= 1.0.2, < 2.0)
      mime-types (>= 1.16, < 4.0)
      netrc (~> 0.8)
    rest-client (2.1.0-x86-mingw32)
      ffi (~> 1.9)
      http-accept (>= 1.7.0, < 2.0)
      http-cookie (>= 1.0.2, < 2.0)
      mime-types (>= 1.16, < 4.0)
      netrc (~> 0.8)
    rest-client (2.1.0-x86-mswin32)
      ffi (~> 1.9)
      http-accept (>= 1.7.0, < 2.0)
      http-cookie (>= 1.0.2, < 2.0)
      mime-types (>= 1.16, < 4.0)
      netrc (~> 0.8)
    rexml (3.2.5)
    ruby-graphviz (1.2.5)
      rexml
    ruby-vips (2.1.2)
      ffi (~> 1.12)
    ruby2_keywords (0.0.5)
    ruby_dep (1.5.0)
    ruby_http_client (3.5.2)
    rubyzip (2.3.2)
    sass (3.7.4)
      sass-listen (~> 4.0.0)
    sass-listen (4.0.0)
      rb-fsevent (~> 0.9, >= 0.9.4)
      rb-inotify (~> 0.9, >= 0.9.7)
    sass-rails (5.1.0)
      railties (>= 5.2.0)
      sass (~> 3.1)
      sprockets (>= 2.8, < 4.0)
      sprockets-rails (>= 2.0, < 4.0)
      tilt (>= 1.1, < 3)
    sassc (2.4.0)
      ffi (~> 1.9)
    sassc (2.4.0-x64-mingw32)
      ffi (~> 1.9)
    sassc-rails (2.1.2)
      railties (>= 4.0.0)
      sassc (>= 2.0)
      sprockets (> 3.0)
      sprockets-rails
      tilt
    selenium-webdriver (3.142.7)
      childprocess (>= 0.5, < 4.0)
      rubyzip (>= 1.2.2)
    sendgrid-ruby (6.5.0)
      ruby_http_client (~> 3.4)
    spring (2.1.1)
    spring-watcher-listen (2.0.1)
      listen (>= 2.7, < 4.0)
      spring (>= 1.2, < 3.0)
    sprockets (3.7.2)
      concurrent-ruby (~> 1.0)
      rack (> 1, < 3)
    sprockets-rails (3.2.2)
      actionpack (>= 4.0)
      activesupport (>= 4.0)
      sprockets (>= 3.0.0)
    thor (1.1.0)
    thread_safe (0.3.6)
    thread_safe (0.3.6-java)
    tilt (2.0.10)
    turbolinks (5.2.1)
      turbolinks-source (~> 5.2)
    turbolinks-source (5.2.0)
    tzinfo (1.2.9)
      thread_safe (~> 0.1)
    tzinfo-data (1.2021.1)
      tzinfo (>= 1.0.0)
    uglifier (4.2.0)
      execjs (>= 0.3.0, < 3)
    unf (0.1.4)
      unf_ext
    unf (0.1.4-java)
    unf_ext (0.0.7.7)
    unf_ext (0.0.7.7-x64-mingw32)
    unf_ext (0.0.7.7-x86-mingw32)
    warden (1.2.9)
      rack (>= 2.0.9)
    web-console (3.7.0)
      actionview (>= 5.0)
      activemodel (>= 5.0)
      bindex (>= 0.4.0)
      railties (>= 5.0)
    websocket-driver (0.7.5)
      websocket-extensions (>= 0.1.0)
    websocket-driver (0.7.5-java)
      websocket-extensions (>= 0.1.0)
    websocket-extensions (0.1.5)
    xpath (3.2.0)
      nokogiri (~> 1.8)

PLATFORMS
  java
  ruby
  x64-mingw32
  x86-mingw32
  x86-mswin32

DEPENDENCIES
  activeadmin
  acts_as_votable
  bootsnap (>= 1.1.0)
  bootstrap (~> 4.3.1)
  byebug
  cancancan (~> 1.15)
  capybara (>= 2.15)
  chartkick (~> 1.4, >= 1.4.1)
  chromedriver-helper
  coffee-rails (~> 4.2)
  devise
  faker
  groupdate
  image_processing (~> 1.2)
  jbuilder (~> 2.5)
  jquery-rails
  listen (>= 3.0.5, < 3.2)
  mercadopago-sdk
  mini_magick (~> 4.8)
  omniauth
  omniauth-facebook
  omniauth-rails_csrf_protection
  pg (>= 0.18, < 2.0)
  puma (~> 3.11)
  rails (~> 5.2.5)
  rails-erd (~> 1.4, >= 1.4.7)
  rails-i18n
  ransack
  sass-rails (~> 5.0)
  selenium-webdriver
  sendgrid-ruby
  spring
  spring-watcher-listen (~> 2.0.0)
  turbolinks (~> 5)
  tzinfo-data
  uglifier (>= 1.3.0)
  web-console (>= 3.3.0)

RUBY VERSION
   ruby 2.7.4p191

BUNDLED WITH
   2.1.4
